PATH
  remote: .
  specs:
    composel (0.1.0)

GEM
  remote: https://rubygems.org/
  specs:
    minitest (5.13.0)
    rake (13.0.1)

PLATFORMS
  ruby

DEPENDENCIES
  bundler (~> 1.17)
  composel!
  minitest (~> 5.0)
  rake (~> 13.0)

BUNDLED WITH
   1.17.2
